GIT
  remote: git://github.com/cevaris/paperclip-watermark.git
  revision: 400d2cb5e386e77f06f046713c40b33e14a343c6
  specs:
    paperclip-watermark (1.0.0)
      minitest
      minitest-reporters
      paperclip (>= 2.3.8)
      rails
      rake

GEM
  remote: https://rubygems.org/
  specs:
    actionmailer (4.0.9)
      actionpack (= 4.0.9)
      mail (~> 2.5.4)
    actionpack (4.0.9)
      activesupport (= 4.0.9)
      builder (~> 3.1.0)
      erubis (~> 2.7.0)
      rack (~> 1.5.2)
      rack-test (~> 0.6.2)
    activemodel (4.0.9)
      activesupport (= 4.0.9)
      builder (~> 3.1.0)
    activerecord (4.0.9)
      activemodel (= 4.0.9)
      activerecord-deprecated_finders (~> 1.0.2)
      activesupport (= 4.0.9)
      arel (~> 4.0.0)
    activerecord-deprecated_finders (1.0.3)
    activerecord-session_store (0.1.0)
      actionpack (>= 4.0.0, < 5)
      activerecord (>= 4.0.0, < 5)
      railties (>= 4.0.0, < 5)
    activesupport (4.0.9)
      i18n (~> 0.6, >= 0.6.9)
      minitest (~> 4.2)
      multi_json (~> 1.3)
      thread_safe (~> 0.1)
      tzinfo (~> 0.3.37)
    acts-as-taggable-on (3.0.2)
      rails (>= 3, < 5)
    ansi (1.4.3)
    arel (4.0.2)
    aws-sdk (1.52.0)
      aws-sdk-v1 (= 1.52.0)
    aws-sdk-v1 (1.52.0)
      json (~> 1.4)
      nokogiri (>= 1.4.4)
    bcrypt (3.1.7)
    bcrypt-ruby (3.0.1)
    bootstrap-will_paginate (0.0.10)
      will_paginate
    builder (3.1.4)
    climate_control (0.0.3)
      activesupport (>= 3.0)
    cocaine (0.5.4)
      climate_control (>= 0.0.3, < 1.0)
    coffee-rails (4.0.1)
      coffee-script (>= 2.2.0)
      railties (>= 4.0.0, < 5.0)
    coffee-script (2.3.0)
      coffee-script-source
      execjs
    coffee-script-source (1.7.1)
    delayed_job (4.0.2)
      activesupport (>= 3.0, < 4.2)
    delayed_job_active_record (4.0.2)
      activerecord (>= 3.0, < 4.2)
      delayed_job (>= 3.0, < 4.1)
    delayed_paperclip (2.8.0)
      paperclip (>= 3.3)
    devise (3.2.4)
      bcrypt (~> 3.0)
      orm_adapter (~> 0.1)
      railties (>= 3.2.6, < 5)
      thread_safe (~> 0.1)
      warden (~> 1.2.3)
    dotenv (0.11.1)
      dotenv-deployment (~> 0.0.2)
    dotenv-deployment (0.0.2)
    erubis (2.7.0)
    execjs (2.2.1)
    font-awesome-rails (4.0.3.2)
      railties (>= 3.2, < 5.0)
    foreman (0.63.0)
      dotenv (>= 0.7)
      thor (>= 0.13.6)
    gibbon (1.1.3)
      httparty
      multi_json (>= 1.3.4)
    hashie (3.3.1)
    hike (1.2.3)
    httparty (0.13.1)
      json (~> 1.8)
      multi_xml (>= 0.5.2)
    i18n (0.6.11)
    jbuilder (1.5.3)
      activesupport (>= 3.0.0)
      multi_json (>= 1.2.0)
    jquery-rails (3.1.1)
      railties (>= 3.0, < 5.0)
      thor (>= 0.14, < 2.0)
    json (1.8.1)
    jwt (1.0.0)
    kgio (2.9.2)
    mail (2.5.4)
      mime-types (~> 1.16)
      treetop (~> 1.4.8)
    mime-types (1.25.1)
    mini_portile (0.6.0)
    minitest (4.7.5)
    minitest-reporters (0.14.24)
      ansi
      builder
      minitest (>= 2.12, < 5.0)
      powerbar
    multi_json (1.10.1)
    multi_xml (0.5.5)
    nokogiri (1.6.3.1)
      mini_portile (= 0.6.0)
    orm_adapter (0.5.0)
    paperclip (4.1.1)
      activemodel (>= 3.0.0)
      activesupport (>= 3.0.0)
      cocaine (~> 0.5.3)
      mime-types
    pg (0.17.1)
    polyglot (0.3.5)
    powerbar (1.0.11)
      ansi (~> 1.4.0)
      hashie (>= 1.1.0)
    rack (1.5.2)
    rack-test (0.6.2)
      rack (>= 1.0)
    rack-timeout (0.0.4)
    rails (4.0.9)
      actionmailer (= 4.0.9)
      actionpack (= 4.0.9)
      activerecord (= 4.0.9)
      activesupport (= 4.0.9)
      bundler (>= 1.3.0, < 2.0)
      railties (= 4.0.9)
      sprockets-rails (~> 2.0)
    rails_12factor (0.0.2)
      rails_serve_static_assets
      rails_stdout_logging
    rails_serve_static_assets (0.0.2)
    rails_stdout_logging (0.0.3)
    railties (4.0.9)
      actionpack (= 4.0.9)
      activesupport (= 4.0.9)
      rake (>= 0.8.7)
      thor (>= 0.18.1, < 2.0)
    raindrops (0.13.0)
    rake (10.3.2)
    rdoc (4.1.1)
      json (~> 1.4)
    sass (3.2.19)
    sass-rails (4.0.3)
      railties (>= 4.0.0, < 5.0)
      sass (~> 3.2.0)
      sprockets (~> 2.8, <= 2.11.0)
      sprockets-rails (~> 2.0)
    sdoc (0.4.1)
      json (~> 1.7, >= 1.7.7)
      rdoc (~> 4.0)
    select2-rails (3.5.9.1)
      thor (~> 0.14)
    sprockets (2.11.0)
      hike (~> 1.2)
      multi_json (~> 1.0)
      rack (~> 1.0)
      tilt (~> 1.1, != 1.3.0)
    sprockets-rails (2.1.3)
      actionpack (>= 3.0)
      activesupport (>= 3.0)
      sprockets (~> 2.8)
    thor (0.19.1)
    thread_safe (0.3.4)
    tilt (1.4.1)
    treetop (1.4.15)
      polyglot
      polyglot (>= 0.3.1)
    turbolinks (2.3.0)
      coffee-rails
    twilio-ruby (3.11.6)
      builder (>= 2.1.2)
      jwt (>= 0.1.2)
      multi_json (>= 1.3.0)
    tzinfo (0.3.41)
    uglifier (2.5.3)
      execjs (>= 0.3.0)
      json (>= 1.8.0)
    unicorn (4.8.3)
      kgio (~> 2.6)
      rack
      raindrops (~> 0.7)
    warden (1.2.3)
      rack (>= 1.0)
    will_paginate (3.0.7)

PLATFORMS
  ruby

DEPENDENCIES
  activerecord-session_store (~> 0.1.0)
  acts-as-taggable-on (~> 3.0.2)
  aws-sdk (~> 1.52)
  bcrypt-ruby (~> 3.0.0)
  bootstrap-will_paginate
  coffee-rails (~> 4.0.0)
  delayed_job_active_record (~> 4.0.0)
  delayed_paperclip
  devise (~> 3.2.2)
  font-awesome-rails (~> 4.0.3.1)
  foreman (~> 0.63.0)
  gibbon
  jbuilder (~> 1.2)
  jquery-rails
  paperclip (~> 4.1.1)
  paperclip-watermark!
  pg (~> 0.17.1)
  rack-timeout
  rails (~> 4.0.0)
  rails_12factor
  sass-rails (~> 4.0.0)
  sdoc
  select2-rails (~> 3.5.4)
  turbolinks
  twilio-ruby (~> 3.11.5)
  uglifier (>= 1.3.0)
  unicorn
  will_paginate
